GIT
  remote: https://github.com/CocoaPods/CLAide.git
  revision: 62896152c8f884ddb062afb2cb0ff7a4fd0a9a65
  branch: master
  specs:
    claide (1.0.0.beta.3)

GIT
  remote: https://github.com/CocoaPods/CocoaPods.git
  revision: 96c6d8babc3a4d36927eadb51401d77fce18df86
  branch: master
  specs:
    cocoapods (1.0.0.beta.7)
      activesupport (>= 4.0.2)
      claide (>= 1.0.0.beta.3, < 2.0)
      cocoapods-core (= 1.0.0.beta.7)
      cocoapods-deintegrate (>= 1.0.0.beta.1, < 2.0)
      cocoapods-downloader (= 1.0.0.beta.3)
      cocoapods-plugins (>= 1.0.0.beta.1, < 2.0)
      cocoapods-search (= 1.0.0.beta.2)
      cocoapods-stats (= 1.0.0.beta.4)
      cocoapods-trunk (= 1.0.0.beta.3)
      cocoapods-try (= 1.1.0)
      colored (~> 1.2)
      escape (~> 0.0.4)
      fourflusher (~> 0.3.0)
      molinillo (~> 0.4.4)
      nap (~> 1.0)
      xcodeproj (= 1.0.0.beta.4)

GIT
  remote: https://github.com/CocoaPods/Core.git
  revision: a31c88165961dd2d79f12e4d09534c2fbfa314b2
  branch: master
  specs:
    cocoapods-core (1.0.0.beta.7)
      activesupport (>= 4.0.2)
      fuzzy_match (~> 2.0.4)
      nap (~> 1.0)

PATH
  remote: .
  specs:
    cocoapods-try (1.1.0)

GEM
  remote: https://rubygems.org/
  specs:
    activesupport (4.2.6)
      i18n (~> 0.7)
      json (~> 1.7, >= 1.7.7)
      minitest (~> 5.1)
      thread_safe (~> 0.3, >= 0.3.4)
      tzinfo (~> 1.1)
    ast (2.1.0)
    astrolabe (1.3.1)
      parser (~> 2.2)
    bacon (1.2.0)
    cocoapods-deintegrate (1.0.0.beta.1)
    cocoapods-downloader (1.0.0.beta.3)
    cocoapods-plugins (1.0.0.beta.1)
      nap
    cocoapods-search (1.0.0.beta.2)
    cocoapods-stats (1.0.0.beta.4)
    cocoapods-trunk (1.0.0.beta.3)
      nap (>= 0.8, < 2.0)
      netrc (= 0.7.8)
    codeclimate-test-reporter (0.4.7)
      simplecov (>= 0.7.1, < 1.0.0)
    colored (1.2)
    docile (1.1.5)
    escape (0.0.4)
    fourflusher (0.3.0)
    fuzzy_match (2.0.4)
    i18n (0.7.0)
    json (1.8.3)
    metaclass (0.0.4)
    minitest (5.8.4)
    mocha (1.1.0)
      metaclass (~> 0.0.1)
    mocha-on-bacon (0.2.2)
      mocha (>= 0.13.0)
    molinillo (0.4.4)
    nap (1.1.0)
    netrc (0.7.8)
    parser (2.2.2.6)
      ast (>= 1.1, < 3.0)
    powerpack (0.1.1)
    prettybacon (0.0.2)
      bacon (~> 1.2)
    rainbow (2.0.0)
    rake (10.4.2)
    rubocop (0.33.0)
      astrolabe (~> 1.3)
      parser (>= 2.2.2.5, < 3.0)
      powerpack (~> 0.1)
      rainbow (>= 1.99.1, < 3.0)
      ruby-progressbar (~> 1.4)
    ruby-progressbar (1.7.5)
    simplecov (0.10.0)
      docile (~> 1.1.0)
      json (~> 1.8)
      simplecov-html (~> 0.10.0)
    simplecov-html (0.10.0)
    thread_safe (0.3.5)
    tzinfo (1.2.2)
      thread_safe (~> 0.1)
    xcodeproj (1.0.0.beta.4)
      activesupport (>= 3)
      claide (>= 1.0.0.beta.1, < 2.0)
      colored (~> 1.2)

PLATFORMS
  ruby

DEPENDENCIES
  bacon
  bundler (~> 1.3)
  claide!
  cocoapods!
  cocoapods-core!
  cocoapods-try!
  codeclimate-test-reporter
  mocha
  mocha-on-bacon
  prettybacon
  rake (~> 10.0)
  rubocop

BUNDLED WITH
   1.11.2
